GEM
  remote: https://rubygems.org/
  specs:
    CFPropertyList (2.3.6)
    ast (2.4.0)
    awesome_print (1.8.0)
    builder (3.2.3)
    calabash-android (0.9.7)
      awesome_print (~> 1.2)
      cucumber (~> 2.0)
      escape (~> 0.0.4)
      httpclient (>= 2.7.1, < 3.0)
      json (~> 1.8)
      luffa
      rubyzip (>= 1.2.1)
      slowhandcuke (~> 0.0.3)
    calabash-cucumber (0.21.6)
      awesome_print
      bundler (~> 1.3)
      clipboard (~> 1.0)
      cucumber (~> 2.0)
      edn (>= 1.0.6, < 2.0)
      geocoder (>= 1.1.8, < 2.0)
      httpclient (>= 2.7.1, < 3.0)
      json
      run_loop (>= 3.0, < 4.0)
      slowhandcuke (~> 0.0.3)
    clipboard (1.1.2)
    command_runner_ng (0.1.4)
    concurrent-ruby (1.0.5)
    cucumber (2.99.0)
      builder (>= 2.1.2)
      cucumber-core (~> 1.5.0)
      cucumber-wire (~> 0.0.1)
      diff-lcs (>= 1.1.3)
      gherkin (~> 4.0)
      multi_json (>= 1.7.5, < 2.0)
      multi_test (>= 0.1.2)
    cucumber-core (1.5.0)
      gherkin (~> 4.0)
    cucumber-wire (0.0.1)
    diff-lcs (1.3)
    edn (1.1.1)
    escape (0.0.4)
    geocoder (1.5.0)
    gherkin (4.1.3)
    httpclient (2.8.3)
    i18n (0.9.5)
      concurrent-ruby (~> 1.0)
    jaro_winkler (1.5.1)
    json (1.8.6)
    luffa (2.0.0)
      awesome_print (~> 1.2)
      json (~> 1.8)
      retriable (>= 1.3.3.1, < 2.1)
      thor (~> 0.19)
    multi_json (1.13.1)
    multi_test (0.1.2)
    parallel (1.12.1)
    parser (2.5.1.2)
      ast (~> 2.4.0)
    powerpack (0.1.2)
    rainbow (3.0.0)
    rake (12.3.1)
    retriable (2.0.2)
    rubocop (0.59.2)
      jaro_winkler (~> 1.5.1)
      parallel (~> 1.10)
      parser (>= 2.5, != 2.5.1.1)
      powerpack (~> 0.1)
      rainbow (>= 2.2.2, < 4.0)
      ruby-progressbar (~> 1.7)
      unicode-display_width (~> 1.0, >= 1.0.1)
    ruby-progressbar (1.10.0)
    rubyzip (1.2.2)
    run_loop (3.0.0)
      CFPropertyList (~> 2.2)
      awesome_print (~> 1.2)
      command_runner_ng (>= 0.0.2)
      httpclient (>= 2.7.1, < 3.0)
      i18n (>= 0.7.0, < 1.0)
      json (~> 1.8)
      thor (>= 0.18.1, < 1.0)
    slowhandcuke (0.0.3)
      cucumber
    thor (0.20.0)
    unicode-display_width (1.4.0)

PLATFORMS
  ruby

DEPENDENCIES
  calabash-android
  calabash-cucumber
  rake
  rubocop
